PATH
  remote: .
  specs:
    chatpdf (1.0.2)
      httparty (~> 0.23.1)

GEM
  remote: https://rubygems.org/
  specs:
    csv (3.3.4)
    diff-lcs (1.6.2)
    httparty (0.23.1)
      csv
      mini_mime (>= 1.0.0)
      multi_xml (>= 0.5.2)
    mini_mime (1.1.5)
    multi_xml (0.6.0)
    rake (13.2.1)
    rspec (3.13.1)
      rspec-core (~> 3.13.0)
      rspec-expectations (~> 3.13.0)
      rspec-mocks (~> 3.13.0)
    rspec-core (3.13.4)
      rspec-support (~> 3.13.0)
    rspec-expectations (3.13.5)
      diff-lcs (>= 1.2.0, < 2.0)
      rspec-support (~> 3.13.0)
    rspec-mocks (3.13.5)
      diff-lcs (>= 1.2.0, < 2.0)
      rspec-support (~> 3.13.0)
    rspec-support (3.13.4)

PLATFORMS
  arm64-darwin-23
  ruby

DEPENDENCIES
  chatpdf!
  rake (~> 13.0)
  rspec (~> 3.0)

BUNDLED WITH
   2.5.22
